PATH
  remote: .
  specs:
    dwca_hunter (0.7.2)
      base64 (~> 0.2)
      biodiversity (~> 6.0)
      csv (~> 3.3)
      dwc-archive (~> 1.1.9)
      fiddle (~> 1.1)
      gn_uuid (~> 0.5)
      htmlentities (~> 4.3)
      nokogiri (~> 1.16)
      ostruct (~> 0.6)
      rest-client (~> 2.1)
      ruby-xz (~> 1.0)
      rubyzip (~> 2.3)
      thor (~> 1.3)

GEM
  remote: http://rubygems.org/
  specs:
    ast (2.4.2)
    base64 (0.2.0)
    biodiversity (6.0.0)
      ffi (~> 1.15)
    csv (3.3.0)
    diff-lcs (1.5.1)
    domain_name (0.6.20240107)
    dwc-archive (1.1.9)
      biodiversity (~> 6.0)
      nokogiri (~> 1.16)
    ffi (1.17.0-aarch64-linux-gnu)
    ffi (1.17.0-aarch64-linux-musl)
    ffi (1.17.0-arm-linux-gnu)
    ffi (1.17.0-arm-linux-musl)
    ffi (1.17.0-arm64-darwin)
    ffi (1.17.0-x86-linux-gnu)
    ffi (1.17.0-x86-linux-musl)
    ffi (1.17.0-x86_64-darwin)
    ffi (1.17.0-x86_64-linux-gnu)
    ffi (1.17.0-x86_64-linux-musl)
    fiddle (1.1.2)
    gn_uuid (0.5.1)
    htmlentities (4.3.4)
    http-accept (1.7.0)
    http-cookie (1.0.7)
      domain_name (~> 0.5)
    json (2.7.2)
    language_server-protocol (3.17.0.3)
    logger (1.6.1)
    mime-types (3.5.2)
      mime-types-data (~> 3.2015)
    mime-types-data (3.2024.0903)
    netrc (0.11.0)
    nokogiri (1.16.7-aarch64-linux)
      racc (~> 1.4)
    nokogiri (1.16.7-arm-linux)
      racc (~> 1.4)
    nokogiri (1.16.7-arm64-darwin)
      racc (~> 1.4)
    nokogiri (1.16.7-x86-linux)
      racc (~> 1.4)
    nokogiri (1.16.7-x86_64-darwin)
      racc (~> 1.4)
    nokogiri (1.16.7-x86_64-linux)
      racc (~> 1.4)
    ostruct (0.6.0)
    parallel (1.26.3)
    parser (3.3.5.0)
      ast (~> 2.4.1)
      racc
    prism (1.0.0)
    racc (1.8.1)
    rainbow (3.1.1)
    rake (13.2.1)
    rbs (3.5.3)
      logger
    regexp_parser (2.9.2)
    rest-client (2.1.0)
      http-accept (>= 1.7.0, < 2.0)
      http-cookie (>= 1.0.2, < 2.0)
      mime-types (>= 1.16, < 4.0)
      netrc (~> 0.8)
    rspec (3.13.0)
      rspec-core (~> 3.13.0)
      rspec-expectations (~> 3.13.0)
      rspec-mocks (~> 3.13.0)
    rspec-core (3.13.1)
      rspec-support (~> 3.13.0)
    rspec-expectations (3.13.3)
      diff-lcs (>= 1.2.0, < 2.0)
      rspec-support (~> 3.13.0)
    rspec-mocks (3.13.1)
      diff-lcs (>= 1.2.0, < 2.0)
      rspec-support (~> 3.13.0)
    rspec-support (3.13.1)
    rubocop (1.66.1)
      json (~> 2.3)
      language_server-protocol (>= 3.17.0)
      parallel (~> 1.10)
      parser (>= 3.3.0.2)
      rainbow (>= 2.2.2, < 4.0)
      regexp_parser (>= 2.4, < 3.0)
      rubocop-ast (>= 1.32.2, < 2.0)
      ruby-progressbar (~> 1.7)
      unicode-display_width (>= 2.4.0, < 3.0)
    rubocop-ast (1.32.3)
      parser (>= 3.3.1.0)
    ruby-lsp (0.17.17)
      language_server-protocol (~> 3.17.0)
      prism (~> 1.0)
      rbs (>= 3, < 4)
      sorbet-runtime (>= 0.5.10782)
    ruby-progressbar (1.13.0)
    ruby-xz (1.0.3)
    rubyzip (2.3.2)
    sorbet-runtime (0.5.11558)
    thor (1.3.2)
    unicode-display_width (2.5.0)

PLATFORMS
  aarch64-linux
  aarch64-linux-gnu
  aarch64-linux-musl
  arm-linux
  arm-linux-gnu
  arm-linux-musl
  arm64-darwin
  x86-linux
  x86-linux-gnu
  x86-linux-musl
  x86_64-darwin
  x86_64-linux
  x86_64-linux-gnu
  x86_64-linux-musl

DEPENDENCIES
  bundler (~> 2.5)
  dwca_hunter!
  json (~> 2.7.2)
  rake (~> 13.2)
  rspec (~> 3.13)
  rubocop (~> 1.66)
  ruby-lsp (~> 0.17)

BUNDLED WITH
   2.5.11
